PATH
  remote: .
  specs:
<<<<<<< HEAD
    zurb-foundation (3.2.5)
      compass (>= 0.12.2)
      modular-scale (= 1.0.6)
      rake
=======
    zurb-foundation (4.0.9)
>>>>>>> foundation/master
      sass (>= 3.2.0)

GEM
  remote: https://rubygems.org/
  specs:
<<<<<<< HEAD
    chunky_png (1.2.7)
    compass (0.12.2)
      chunky_png (~> 1.2)
      fssm (>= 0.2.7)
      sass (~> 3.1)
    fssm (0.2.9)
    modular-scale (1.0.6)
      compass (>= 0.12.1)
      sass (>= 3.2.0)
      sassy-math (>= 1.5)
    rake (10.0.3)
    sass (3.2.5)
    sassy-math (1.5)
      compass (~> 0.11)
=======
    rake (10.0.3)
    sass (3.2.7)
>>>>>>> foundation/master

PLATFORMS
  ruby
  x86-mingw32

DEPENDENCIES
  rake
  zurb-foundation!
